GEM
  remote: http://rubygems.org/
  specs:
    active_support (3.0.0)
      activesupport (= 3.0.0)
    activesupport (3.0.0)
    faraday (0.8.4)
      multipart-post (~> 1.1)
    faraday_middleware (0.8.8)
      faraday (>= 0.7.4, < 0.9)
    multi_xml (0.5.1)
    multipart-post (1.1.5)
    nokogiri (1.5.5)
    simple_oauth (0.1.9)

PLATFORMS
  ruby

DEPENDENCIES
  active_support
  faraday
  faraday_middleware
  multi_xml
  nokogiri
  simple_oauth
